GEM
  remote: http://rubygems.org/
  specs:
    bacon (1.1.0)
    json (1.6.6)
    kicker (2.5.0)
      rb-fsevent
    rack (1.4.1)
    rack-protection (1.2.0)
      rack
    rack-test (0.6.1)
      rack (>= 1.0)
    rake (0.9.2.2)
    rb-fsevent (0.9.0)
    redcarpet (2.1.0)
    sinatra (1.3.2)
      rack (~> 1.3, >= 1.3.6)
      rack-protection (~> 1.2)
      tilt (~> 1.3, >= 1.3.3)
    tilt (1.3.3)
    yard (0.7.5)

PLATFORMS
  ruby

DEPENDENCIES
  bacon
  json
  kicker
  rack-test
  rake
  redcarpet
  sinatra
  yard
