GEM
  remote: http://rubygems.org/
  specs:
    bacon (1.1.0)
    rake (0.9.2.2)
    redcarpet (2.1.0)
    yard (0.7.5)

PLATFORMS
  ruby

DEPENDENCIES
  bacon
  rake
  redcarpet
  yard
