GIT
  remote: https://github.com/irrationalfab/PrettyBacon.git
  revision: c42de649708149bbfb5fb5beefa65440855cf876
  branch: master
  specs:
    prettybacon (0.0.1)
      bacon (~> 1.2)

PATH
  remote: .
  specs:
    xcodeproj (0.7.0)
      activesupport (~> 3.2.13)
      colored (~> 1.2)

GEM
  remote: http://rubygems.org/
  specs:
    activesupport (3.2.13)
      i18n (= 0.6.1)
      multi_json (~> 1.0)
    bacon (1.2.0)
    colored (1.2)
    colorize (0.5.8)
    coveralls (0.6.7)
      colorize
      multi_json (~> 1.3)
      rest-client
      simplecov (>= 0.7)
      thor
    ffi (1.9.0)
    github-markup (0.7.5)
    i18n (0.6.1)
    kicker (2.6.1)
      listen
    listen (1.2.2)
      rb-fsevent (>= 0.9.3)
      rb-inotify (>= 0.9)
      rb-kqueue (>= 0.2)
    metaclass (0.0.1)
    mime-types (1.23)
    mocha (0.14.0)
      metaclass (~> 0.0.1)
    mocha-on-bacon (0.2.2)
      mocha (>= 0.13.0)
    multi_json (1.7.7)
    posix-spawn (0.3.6)
    pygments.rb (0.5.1)
      posix-spawn (~> 0.3.6)
      yajl-ruby (~> 1.1.0)
    rake (10.1.0)
    rb-fsevent (0.9.3)
    rb-inotify (0.9.0)
      ffi (>= 0.5.0)
    rb-kqueue (0.2.0)
      ffi (>= 0.5.0)
    redcarpet (2.3.0)
    rest-client (1.6.7)
      mime-types (>= 1.16)
    simplecov (0.7.1)
      multi_json (~> 1.0)
      simplecov-html (~> 0.7.1)
    simplecov-html (0.7.1)
    thor (0.18.1)
    yajl-ruby (1.1.0)
    yard (0.8.6.2)

PLATFORMS
  ruby

DEPENDENCIES
  bacon
  coveralls
  github-markup
  kicker
  mocha
  mocha-on-bacon
  prettybacon!
  pygments.rb
  rake
  redcarpet
  xcodeproj!
  yard
