GEM
  remote: http://rubygems.org/
  specs:
    bacon (1.1.0)
    ffi (1.0.11)
    kicker (2.6.0)
      listen
    listen (0.4.7)
      rb-fchange (~> 0.0.5)
      rb-fsevent (~> 0.9.1)
      rb-inotify (~> 0.8.8)
    rake (0.9.2.2)
    rb-fchange (0.0.5)
      ffi
    rb-fsevent (0.9.1)
    rb-inotify (0.8.8)
      ffi (>= 0.5.0)
    redcarpet (2.1.1)
    yard (0.8.2.1)

PLATFORMS
  ruby

DEPENDENCIES
  bacon
  kicker
  rake
  redcarpet
  yard
