PATH
  remote: .
  specs:
    xcodeproj (0.17.0)
      activesupport (~> 3.0)
      colored (~> 1.2)

GEM
  remote: http://rubygems.org/
  specs:
    activesupport (3.2.19)
      i18n (~> 0.6, >= 0.6.4)
      multi_json (~> 1.0)
    bacon (1.2.0)
    codeclimate-test-reporter (0.3.0)
      simplecov (>= 0.7.1, < 1.0.0)
    colored (1.2)
    docile (1.1.5)
    ffi (1.9.3)
    github-markup (1.2.1)
      posix-spawn (~> 0.3.8)
    i18n (0.6.11)
    kicker (3.0.0)
      listen (~> 1.3.0)
      notify (~> 0.5.2)
    listen (1.3.1)
      rb-fsevent (>= 0.9.3)
      rb-inotify (>= 0.9)
      rb-kqueue (>= 0.2)
    metaclass (0.0.4)
    mime-types (1.25.1)
    mocha (1.1.0)
      metaclass (~> 0.0.1)
    mocha-on-bacon (0.2.2)
      mocha (>= 0.13.0)
    multi_json (1.10.1)
    notify (0.5.2)
    posix-spawn (0.3.8)
    prettybacon (0.0.2)
      bacon (~> 1.2)
    pygments.rb (0.6.0)
      posix-spawn (~> 0.3.6)
      yajl-ruby (~> 1.1.0)
    rake (10.1.1)
    rb-fsevent (0.9.4)
    rb-inotify (0.9.5)
      ffi (>= 0.5.0)
    rb-kqueue (0.2.3)
      ffi (>= 0.5.0)
    redcarpet (3.1.2)
    simplecov (0.9.0)
      docile (~> 1.1.0)
      multi_json
      simplecov-html (~> 0.8.0)
    simplecov-html (0.8.0)
    yajl-ruby (1.1.0)
    yard (0.8.7.4)

PLATFORMS
  ruby

DEPENDENCIES
  bacon
  codeclimate-test-reporter
  github-markup
  kicker
  mime-types (< 2.0)
  mocha
  mocha-on-bacon
  prettybacon
  pygments.rb
  rake (~> 10.1.0)
  redcarpet
  simplecov
  xcodeproj!
  yard
