PATH
  remote: .
  specs:
    xcodeproj (0.4.0)
      activesupport (~> 3.2.6)
      colored (~> 1.2)

GEM
  remote: http://rubygems.org/
  specs:
    activesupport (3.2.9)
      i18n (~> 0.6)
      multi_json (~> 1.0)
    bacon (1.1.0)
    colored (1.2)
    github-markup (0.7.4)
    i18n (0.6.1)
    kicker (2.6.1)
      listen
    listen (0.6.0)
    multi_json (1.3.7)
    posix-spawn (0.3.6)
    pygments.rb (0.3.2)
      posix-spawn (~> 0.3.6)
      yajl-ruby (~> 1.1.0)
    rake (10.0.2)
    redcarpet (2.2.2)
    yajl-ruby (1.1.0)
    yard (0.8.3)

PLATFORMS
  ruby

DEPENDENCIES
  bacon
  github-markup
  kicker
  pygments.rb
  rake
  redcarpet
  xcodeproj!
  yard
