GEM
  remote: http://rubygems.org/
  specs:
    bacon (1.1.0)
    coffee-script (2.2.0)
      coffee-script-source
      execjs
    coffee-script-source (1.3.3)
    execjs (1.2.13)
      multi_json (~> 1.0)
    haml (3.1.6)
    json (1.6.6)
    kicker (2.5.0)
      rb-fsevent
    multi_json (1.3.6)
    rack (1.4.1)
    rack-protection (1.2.0)
      rack
    rack-test (0.6.1)
      rack (>= 1.0)
    rake (0.9.2.2)
    rb-fsevent (0.9.0)
    redcarpet (2.1.0)
    sass (3.1.15)
    sinatra (1.3.2)
      rack (~> 1.3, >= 1.3.6)
      rack-protection (~> 1.2)
      tilt (~> 1.3, >= 1.3.3)
    tilt (1.3.3)
    yard (0.7.5)

PLATFORMS
  ruby

DEPENDENCIES
  bacon
  coffee-script
  haml
  json
  kicker
  rack-test
  rake
  redcarpet
  sass
  sinatra
  yard
